GEM
  remote: https://rubygems.org/
  specs:
    backports (3.3.3)
    bouncy-castle-java (1.5.0147)
    jmx4r (0.1.4)
    jruby-jars (1.7.4)
    multi_json (1.7.9)
    mustache (0.99.4)
    puck (1.0.0.pre2)
    puma (2.5.1)
      rack (>= 1.1, < 2.0)
    puma (2.5.1-java)
      rack (>= 1.1, < 2.0)
    rack (1.5.2)
    rack-protection (1.5.0)
      rack
    rack-test (0.6.2)
      rack (>= 1.0)
    rake (10.1.0)
    sinatra (1.4.3)
      rack (~> 1.4)
      rack-protection (~> 1.4)
      tilt (~> 1.3, >= 1.3.4)
    sinatra-contrib (1.4.1)
      backports (>= 2.0)
      multi_json
      rack-protection
      rack-test
      sinatra (~> 1.4.0)
      tilt (~> 1.3)
    tilt (1.4.1)

PLATFORMS
  java

DEPENDENCIES
  bouncy-castle-java
  jmx4r
  jruby-jars (= 1.7.4)
  mustache
  puck
  puma
  rake
  sinatra
  sinatra-contrib
